GEM
  remote: https://rubygems.org/
  specs:
    backports (3.6.8)
    jruby-jars (9.1.2.0)
    jruby-rack (1.1.20)
    loggr (1.1.2)
    multi_json (1.12.1)
    rack (1.6.4)
    rack-protection (1.5.3)
      rack
    rack-test (0.6.3)
      rack (>= 1.0)
    rake (11.2.2)
    rubyzip (1.2.0)
    sinatra (1.4.7)
      rack (~> 1.5)
      rack-protection (~> 1.4)
      tilt (>= 1.3, < 3)
    sinatra-contrib (1.4.7)
      backports (>= 2.0)
      multi_json
      rack-protection
      rack-test
      sinatra (~> 1.4.0)
      tilt (>= 1.3, < 3)
    tilt (2.0.5)
    trinidad (1.5.0.B2)
      jruby-rack (>= 1.1.18, < 1.3)
      trinidad_jars (>= 1.5, < 1.7)
    trinidad_jars (1.5.1)
    warbler (2.0.3)
      jruby-jars (>= 9.0.0.0)
      jruby-rack (>= 1.1.1, < 1.3)
      rake (>= 10.1.0)
      rubyzip (~> 1.0, < 1.4)

PLATFORMS
  java

DEPENDENCIES
  loggr
  sinatra
  sinatra-contrib
  trinidad (~> 1.5.0.B2)
  warbler

RUBY VERSION
   ruby 2.3.0p0 (jruby 9.1.2.0)

BUNDLED WITH
   1.12.5
